GIT
  remote: git://github.com/QueueClassic/queue_classic.git
  revision: 3c53a465786a1d3c40730c31b693d74c7bfa16cb
  branch: master
  specs:
    queue_classic (3.2.0.RC1)
      pg (>= 0.17, < 0.19)

GIT
  remote: git://github.com/sass/sass.git
  revision: 64c5c111c04feaa91428e7d03eb6d4284e6a2d64
  branch: stable
  specs:
    sass (3.4.22)

PATH
  remote: .
  specs:
    actioncable (5.0.0)
      actionpack (= 5.0.0)
      nio4r (~> 1.2)
      websocket-driver (~> 0.6.1)
    actionmailer (5.0.0)
      actionpack (= 5.0.0)
      actionview (= 5.0.0)
      activejob (= 5.0.0)
      mail (~> 2.5, >= 2.5.4)
      rails-dom-testing (~> 2.0)
    actionpack (5.0.0)
      actionview (= 5.0.0)
      activesupport (= 5.0.0)
      rack (~> 2.0)
      rack-test (~> 0.6.3)
      rails-dom-testing (~> 2.0)
      rails-html-sanitizer (~> 1.0, >= 1.0.2)
    actionview (5.0.0)
      activesupport (= 5.0.0)
      builder (~> 3.1)
      erubis (~> 2.7.0)
      rails-dom-testing (~> 2.0)
      rails-html-sanitizer (~> 1.0, >= 1.0.2)
    activejob (5.0.0)
      activesupport (= 5.0.0)
      globalid (>= 0.3.6)
    activemodel (5.0.0)
      activesupport (= 5.0.0)
    activerecord (5.0.0)
      activemodel (= 5.0.0)
      activesupport (= 5.0.0)
      arel (~> 7.0)
    activesupport (5.0.0)
      concurrent-ruby (~> 1.0, >= 1.0.2)
      i18n (~> 0.7)
      minitest (~> 5.1)
      tzinfo (~> 1.1)
    rails (5.0.0)
      actioncable (= 5.0.0)
      actionmailer (= 5.0.0)
      actionpack (= 5.0.0)
      actionview (= 5.0.0)
      activejob (= 5.0.0)
      activemodel (= 5.0.0)
      activerecord (= 5.0.0)
      activesupport (= 5.0.0)
      bundler (>= 1.3.0, < 2.0)
      railties (= 5.0.0)
      sprockets-rails (>= 2.0.0)
    railties (5.0.0)
      actionpack (= 5.0.0)
      activesupport (= 5.0.0)
      method_source
      rake (>= 0.8.7)
      thor (>= 0.18.1, < 2.0)

GEM
  remote: https://rubygems.org/
  specs:
    addressable (2.4.0)
    amq-protocol (2.0.1)
    arel (7.0.0)
    backburner (1.3.0)
      beaneater (~> 1.0)
      dante (> 0.1.5)
    bcrypt (3.1.11)
    bcrypt (3.1.11-x64-mingw32)
    bcrypt (3.1.11-x86-mingw32)
    beaneater (1.0.0)
    benchmark-ips (2.6.1)
    blade (0.5.5)
      activesupport (>= 3.0.0)
      blade-qunit_adapter (~> 1.20.0)
      coffee-script
      coffee-script-source
      curses (~> 1.0.0)
      eventmachine
      faye
      sprockets (>= 3.0)
      sprockets-export (~> 0.9.1)
      thin (~> 1.6.0)
      thor (~> 0.19.1)
      useragent (~> 0.16.7)
    blade-qunit_adapter (1.20.0)
    builder (3.2.2)
    bunny (2.2.2)
      amq-protocol (>= 2.0.1)
    byebug (9.0.5)
    coffee-rails (4.2.1)
      coffee-script (>= 2.2.0)
      railties (>= 4.0.0, < 5.2.x)
    coffee-script (2.4.1)
      coffee-script-source
      execjs
    coffee-script-source (1.10.0)
    concurrent-ruby (1.0.2)
    connection_pool (2.2.0)
    cookiejar (0.3.0)
    curses (1.0.2)
    daemons (1.2.3)
    dalli (2.7.6)
    dante (0.2.0)
    delayed_job (4.1.2)
      activesupport (>= 3.0, < 5.1)
    delayed_job_active_record (4.1.1)
      activerecord (>= 3.0, < 5.1)
      delayed_job (>= 3.0, < 5)
    em-hiredis (0.3.1)
      eventmachine (~> 1.0)
      hiredis (~> 0.6.0)
    em-http-request (1.1.3)
      addressable (>= 2.3.4)
      cookiejar (<= 0.3.0)
      em-socksify (>= 0.3)
      eventmachine (>= 1.0.3)
      http_parser.rb (>= 0.6.0)
    em-socksify (0.3.1)
      eventmachine (>= 1.0.0.beta.4)
    erubis (2.7.0)
    eventmachine (1.2.0.1)
    eventmachine (1.2.0.1-x64-mingw32)
    eventmachine (1.2.0.1-x86-mingw32)
    execjs (2.7.0)
    faye (1.1.2)
      cookiejar (>= 0.3.0)
      em-http-request (>= 0.3.0)
      eventmachine (>= 0.12.0)
      faye-websocket (>= 0.9.1)
      multi_json (>= 1.0.0)
      rack (>= 1.0.0)
      websocket-driver (>= 0.5.1)
    faye-websocket (0.10.4)
      eventmachine (>= 0.12.0)
      websocket-driver (>= 0.5.1)
    ffi (1.9.13)
    globalid (0.3.6)
      activesupport (>= 4.1.0)
    hiredis (0.6.1)
    http_parser.rb (0.6.0)
    i18n (0.7.0)
    jquery-rails (4.1.1)
      rails-dom-testing (>= 1, < 3)
      railties (>= 4.2.0)
      thor (>= 0.14, < 2.0)
    json (1.8.3)
    kindlerb (0.1.1)
      mustache
      nokogiri
    listen (3.0.8)
      rb-fsevent (~> 0.9, >= 0.9.4)
      rb-inotify (~> 0.9, >= 0.9.7)
    loofah (2.0.3)
      nokogiri (>= 1.5.9)
    mail (2.6.4)
      mime-types (>= 1.16, < 4)
    metaclass (0.0.4)
    method_source (0.8.2)
    mime-types (3.1)
      mime-types-data (~> 3.2015)
    mime-types-data (3.2016.0521)
    mini_portile2 (2.1.0)
    minitest (5.3.3)
    mocha (0.14.0)
      metaclass (~> 0.0.1)
    mono_logger (1.1.0)
    multi_json (1.12.1)
    mustache (1.0.3)
    mysql2 (0.4.4)
    mysql2 (0.4.4-x64-mingw32)
    mysql2 (0.4.4-x86-mingw32)
    nio4r (1.2.1)
    nokogiri (1.6.8)
      mini_portile2 (~> 2.1.0)
      pkg-config (~> 1.1.7)
    nokogiri (1.6.8-x64-mingw32)
      mini_portile2 (~> 2.1.0)
      pkg-config (~> 1.1.7)
    nokogiri (1.6.8-x86-mingw32)
      mini_portile2 (~> 2.1.0)
      pkg-config (~> 1.1.7)
    pg (0.18.4)
    pg (0.18.4-x64-mingw32)
    pg (0.18.4-x86-mingw32)
    pkg-config (1.1.7)
    psych (2.1.0)
    puma (3.4.0)
    qu (0.2.0)
      multi_json
    qu-redis (0.2.0)
      qu (= 0.2.0)
      redis-namespace
      simple_uuid
    que (0.11.5)
    racc (1.4.14)
    rack (2.0.1)
    rack-cache (1.6.1)
      rack (>= 0.4)
    rack-test (0.6.3)
      rack (>= 1.0)
    rails-dom-testing (2.0.1)
      activesupport (>= 4.2.0, < 6.0)
      nokogiri (~> 1.6.0)
    rails-html-sanitizer (1.0.3)
      loofah (~> 2.0)
    rake (11.2.2)
    rb-fsevent (0.9.7)
    rb-inotify (0.9.7)
      ffi (>= 0.5.0)
    rdoc (4.2.2)
      json (~> 1.4)
    redcarpet (3.2.3)
    redis (3.3.0)
    redis-namespace (1.5.2)
      redis (~> 3.0, >= 3.0.4)
    resque (1.25.2)
      mono_logger (~> 1.0)
      multi_json (~> 1.0)
      redis-namespace (~> 1.3)
      sinatra (>= 0.9.2)
      vegas (~> 0.1.2)
    resque-scheduler (4.2.0)
      mono_logger (~> 1.0)
      redis (~> 3.0)
      resque (~> 1.25)
      rufus-scheduler (~> 3.2)
    rufus-scheduler (3.2.1)
    sass-rails (5.0.5)
      railties (>= 4.0.0, < 6)
      sass (~> 3.1)
      sprockets (>= 2.8, < 4.0)
      sprockets-rails (>= 2.0, < 4.0)
      tilt (>= 1.1, < 3)
    sdoc (0.4.1)
      json (~> 1.7, >= 1.7.7)
      rdoc (~> 4.0)
    sequel (4.35.0)
    serverengine (1.5.11)
      sigdump (~> 0.2.2)
    sidekiq (4.1.2)
      concurrent-ruby (~> 1.0)
      connection_pool (~> 2.2, >= 2.2.0)
      redis (~> 3.2, >= 3.2.1)
    sigdump (0.2.4)
    simple_uuid (0.4.0)
    sinatra (1.0)
      rack (>= 1.0)
    sneakers (2.3.5)
      bunny (~> 2.2.0)
      serverengine (~> 1.5.11)
      thor
      thread (~> 0.1.7)
    sprockets (3.6.2)
      concurrent-ruby (~> 1.0)
      rack (> 1, < 3)
    sprockets-export (0.9.1)
    sprockets-rails (3.1.1)
      actionpack (>= 4.0)
      activesupport (>= 4.0)
      sprockets (>= 3.0.0)
    sqlite3 (1.3.11)
    sqlite3 (1.3.11-x64-mingw32)
    sqlite3 (1.3.11-x86-mingw32)
    stackprof (0.2.9)
    sucker_punch (2.0.2)
      concurrent-ruby (~> 1.0.0)
    thin (1.6.2)
      daemons (>= 1.0.9)
      eventmachine (>= 1.0.0)
      rack (>= 1.0.0)
    thor (0.19.1)
    thread (0.1.7)
    thread_safe (0.3.5)
    tilt (2.0.5)
    turbolinks (5.0.0)
      turbolinks-source (~> 5)
    turbolinks-source (5.0.0)
    tzinfo (1.2.2)
      thread_safe (~> 0.1)
    tzinfo-data (1.2016.5)
      tzinfo (>= 1.0.0)
    uglifier (3.0.0)
      execjs (>= 0.3.0, < 3)
    useragent (0.16.7)
    vegas (0.1.11)
      rack (>= 1.0.0)
    w3c_validators (1.2)
      json
      nokogiri
    wdm (0.1.1)
    websocket-driver (0.6.4)
      websocket-extensions (>= 0.1.0)
    websocket-extensions (0.1.2)

PLATFORMS
  ruby
  x64-mingw32
  x86-mingw32

DEPENDENCIES
  activerecord-jdbcmysql-adapter (>= 1.3.0)
  activerecord-jdbcpostgresql-adapter (>= 1.3.0)
  activerecord-jdbcsqlite3-adapter (>= 1.3.0)
  backburner
  bcrypt (~> 3.1.11)
  benchmark-ips
  blade (~> 0.5.5)
  byebug
  coffee-rails (~> 4.2)
  dalli (>= 2.2.1)
  delayed_job
  delayed_job_active_record
  em-hiredis
  faye-websocket
  hiredis
  jquery-rails
  kindlerb (= 0.1.1)
  listen (~> 3.0.5)
  minitest (< 5.3.4)
  mocha (~> 0.14)
  mysql2 (>= 0.4.4)
  nokogiri (>= 1.6.7.1)
  pg (>= 0.18.0)
  psych (~> 2.0)
  puma
  qu-redis
  que
  queue_classic!
  racc (>= 1.4.6)
  rack-cache (~> 1.2)
  rails!
  rake (>= 11.1)
  redcarpet (~> 3.2.3)
  redis
  resque (< 1.26)
  resque-scheduler
  sass!
  sass-rails
  sdoc (~> 0.4.0)
  sequel
  sidekiq
  sneakers
  sqlite3 (~> 1.3.6)
  stackprof
  sucker_punch
  turbolinks (~> 5)
  tzinfo-data
  uglifier (>= 1.3.0)
  w3c_validators
  wdm (>= 0.1.0)

BUNDLED WITH
   1.12.5
